GEM
  remote: https://rubygems.org/
  specs:
    daemons (1.2.3)
    eventmachine (1.0.8)
    geokit (1.9.0)
      multi_json (>= 1.3.2)
    multi_json (1.11.2)
    rack (1.6.4)
    rack-protection (1.5.3)
      rack
    redis (3.2.1)
    sinatra (1.4.6)
      rack (~> 1.4)
      rack-protection (~> 1.4)
      tilt (>= 1.3, < 3)
    thin (1.6.3)
      daemons (~> 1.0, >= 1.0.9)
      eventmachine (~> 1.0)
      rack (~> 1.0)
    tilt (2.0.1)

PLATFORMS
  ruby

DEPENDENCIES
  geokit (~> 1.9.0)
  redis (~> 3.2.0)
  sinatra (~> 1.4.0)
  thin (~> 1.6.0)

BUNDLED WITH
   1.10.6
