GEM
  remote: https://rubygems.org/
  specs:
    daemons (1.2.3)
    eventmachine (1.2.0.1)
    geokit (1.10.0)
    power_assert (0.3.0)
    rack (1.6.4)
    rack-protection (1.5.3)
      rack
    redis (3.3.0)
    sinatra (1.4.7)
      rack (~> 1.5)
      rack-protection (~> 1.4)
      tilt (>= 1.3, < 3)
    test-unit (3.1.8)
      power_assert
    thin (1.6.4)
      daemons (~> 1.0, >= 1.0.9)
      eventmachine (~> 1.0, >= 1.0.4)
      rack (~> 1.0)
    tilt (2.0.4)

PLATFORMS
  ruby

DEPENDENCIES
  geokit (~> 1.10.0)
  redis (~> 3.3.0)
  sinatra (~> 1.4.0)
  test-unit (~> 3.1.0)
  thin (~> 1.6.0)

BUNDLED WITH
   1.11.2
